GEM
  remote: https://rubygems.org/
  specs:
    CFPropertyList (3.0.7)
      base64
      nkf
      rexml
    activesupport (7.1.4)
      base64
      bigdecimal
      concurrent-ruby (~> 1.0, >= 1.0.2)
      connection_pool (>= 2.2.5)
      drb
      i18n (>= 1.6, < 2)
      minitest (>= 5.1)
      mutex_m
      tzinfo (~> 2.0)
    addressable (2.8.7)
      public_suffix (>= 2.0.2, < 7.0)
    algoliasearch (1.27.5)
      httpclient (~> 2.8, >= 2.8.3)
      json (>= 1.5.1)
    atomos (0.1.3)
    base64 (0.2.0)
    bigdecimal (3.1.8)
    claide (1.1.0)
    cocoapods (1.15.2)
      addressable (~> 2.8)
      claide (>= 1.0.2, < 2.0)
      cocoapods-core (= 1.15.2)
      cocoapods-deintegrate (>= 1.0.3, < 2.0)
      cocoapods-downloader (>= 2.1, < 3.0)
      cocoapods-plugins (>= 1.0.0, < 2.0)
      cocoapods-search (>= 1.0.0, < 2.0)
      cocoapods-trunk (>= 1.6.0, < 2.0)
      cocoapods-try (>= 1.1.0, < 2.0)
      colored2 (~> 3.1)
      escape (~> 0.0.4)
      fourflusher (>= 2.3.0, < 3.0)
      gh_inspector (~> 1.0)
      molinillo (~> 0.8.0)
      nap (~> 1.0)
      ruby-macho (>= 2.3.0, < 3.0)
      xcodeproj (>= 1.23.0, < 2.0)
    cocoapods-core (1.15.2)
      activesupport (>= 5.0, < 8)
      addressable (~> 2.8)
      algoliasearch (~> 1.0)
      concurrent-ruby (~> 1.1)
      fuzzy_match (~> 2.0.4)
      nap (~> 1.0)
      netrc (~> 0.11)
      public_suffix (~> 4.0)
      typhoeus (~> 1.0)
    cocoapods-deintegrate (1.0.5)
    cocoapods-downloader (2.1)
    cocoapods-plugins (1.0.0)
      nap
    cocoapods-search (1.0.1)
    cocoapods-trunk (1.6.0)
      nap (>= 0.8, < 2.0)
      netrc (~> 0.11)
    cocoapods-try (1.2.0)
    colored2 (3.1.2)
    concurrent-ruby (1.3.4)
    connection_pool (2.4.1)
    declarative (0.0.20)
    drb (2.2.1)
    escape (0.0.4)
    ethon (0.16.0)
      ffi (>= 1.15.0)
    faraday (2.10.1)
      faraday-net_http (>= 2.0, < 3.2)
      logger
    faraday-net_http (3.1.1)
      net-http
    fastlane-plugin-firebase_app_distribution (0.9.1)
      google-apis-firebaseappdistribution_v1 (~> 0.3.0)
      google-apis-firebaseappdistribution_v1alpha (~> 0.2.0)
    fastlane-plugin-increment_version_code (0.4.3)
    fastlane-plugin-increment_version_name (0.0.10)
    fastlane-plugin-versioning (0.6.0)
    fastlane-plugin-yarn (1.2)
    ffi (1.17.0)
    fourflusher (2.3.1)
    fuzzy_match (2.0.4)
    gh_inspector (1.1.3)
    google-apis-core (0.15.1)
      addressable (~> 2.5, >= 2.5.1)
      googleauth (~> 1.9)
      httpclient (>= 2.8.3, < 3.a)
      mini_mime (~> 1.0)
      mutex_m
      representable (~> 3.0)
      retriable (>= 2.0, < 4.a)
    google-apis-firebaseappdistribution_v1 (0.3.0)
      google-apis-core (>= 0.11.0, < 2.a)
    google-apis-firebaseappdistribution_v1alpha (0.2.0)
      google-apis-core (>= 0.11.0, < 2.a)
    google-cloud-env (2.1.1)
      faraday (>= 1.0, < 3.a)
    googleauth (1.11.0)
      faraday (>= 1.0, < 3.a)
      google-cloud-env (~> 2.1)
      jwt (>= 1.4, < 3.0)
      multi_json (~> 1.11)
      os (>= 0.9, < 2.0)
      signet (>= 0.16, < 2.a)
    httpclient (2.8.3)
    i18n (1.14.5)
      concurrent-ruby (~> 1.0)
    json (2.7.2)
    jwt (2.8.2)
      base64
    logger (1.6.0)
    mini_mime (1.1.5)
    minitest (5.25.1)
    molinillo (0.8.0)
    multi_json (1.15.0)
    mutex_m (0.2.0)
    nanaimo (0.3.0)
    nap (1.1.0)
    net-http (0.4.1)
      uri
    netrc (0.11.0)
    nkf (0.2.0)
    os (1.1.4)
    public_suffix (4.0.7)
    representable (3.2.0)
      declarative (< 0.1.0)
      trailblazer-option (>= 0.1.1, < 0.2.0)
      uber (< 0.2.0)
    retriable (3.1.2)
    rexml (3.3.6)
      strscan
    ruby-macho (2.5.1)
    signet (0.19.0)
      addressable (~> 2.8)
      faraday (>= 0.17.5, < 3.a)
      jwt (>= 1.5, < 3.0)
      multi_json (~> 1.10)
    strscan (3.1.0)
    trailblazer-option (0.1.2)
    typhoeus (1.4.1)
      ethon (>= 0.9.0)
    tzinfo (2.0.6)
      concurrent-ruby (~> 1.0)
    uber (0.1.0)
    uri (0.13.0)
    xcodeproj (1.25.0)
      CFPropertyList (>= 2.3.3, < 4.0)
      atomos (~> 0.1.3)
      claide (>= 1.0.2, < 2.0)
      colored2 (~> 3.1)
      nanaimo (~> 0.3.0)
      rexml (>= 3.3.2, < 4.0)

PLATFORMS
  ruby

DEPENDENCIES
  activesupport (>= 6.1.7.5, != 7.1.0)
  cocoapods (>= 1.13, != 1.15.1, != 1.15.0)
  fastlane-plugin-firebase_app_distribution
  fastlane-plugin-increment_version_code
  fastlane-plugin-increment_version_name
  fastlane-plugin-versioning
  fastlane-plugin-yarn

BUNDLED WITH
   2.5.17
